GIT
  remote: git@git.nib.com.au:nib-au/sceptre-dotnet.git
  revision: a5ef2c18c43d6f8fbbb8852cd3394ed482b7910f
  specs:
    sceptre-dotnet (1.3.0)
      autostacker24 (~> 2.1)
      aws-sdk (~> 2.2)
      deep_merge (~> 1.1)
      eb_deployer (~> 0.6.6)
      hashie (~> 3.4)
      httparty (~> 0.14)
      json (~> 2.0)

GIT
  remote: git@git.nib.com.au:nib-au/sceptre-map.git
  revision: 708cb02be70545d89e406ff7d20043a297d55a71
  specs:
    sceptre-map (0.0.1)
      aws-sdk (~> 2.2)
      git (~> 1.2)
      hashie (~> 3.4)
      httparty (~> 0.13)
      json (~> 2.0)
      mime-types (~> 3.0)

GIT
  remote: git@git.nib.com.au:nib-au/steve.git
  revision: c7c58f20c98de81bdbcd7bcbfadfc2bd312f7402
  branch: serverless-hacks
  specs:
    sceptre-app (1.0.0)
      aws-sdk (~> 2.2)
      buildkit
      commander
      nokogiri (= 1.6.8.1)
      rake
      rubyzip

GIT
  remote: git@git.nib.com.au:redqueen/sceptre.git
  revision: e9a66eee97ecbf38ed390eb8c01765dc36aee952
  specs:
    sceptre (1.1.2)
      autocanary24 (~> 0.4.4)
      autostacker24 (~> 2.3.0)
      aws-sdk (~> 2.2)
      cfndsl (= 0.11.11)
      commander (~> 4.4.0)
      deep_merge (~> 1.0)
      eb_deployer (~> 0.6.6)
      git (~> 1.2)
      hashie (~> 3.4)
      json (~> 2.0)
      mime-types (~> 3.0)
      pg (~> 0.19.0)

GEM
  remote: https://rubygems.org/
  specs:
    addressable (2.5.1)
      public_suffix (~> 2.0, >= 2.0.2)
    autocanary24 (0.4.4)
      autostacker24 (~> 2)
      aws-sdk-core (~> 2)
    autostacker24 (2.3.0)
      aws-sdk-core (~> 2)
      json (~> 2.0)
      json_pure (~> 2.0)
    aws-sdk (2.9.18)
      aws-sdk-resources (= 2.9.18)
    aws-sdk-core (2.9.18)
      aws-sigv4 (~> 1.0)
      jmespath (~> 1.0)
    aws-sdk-resources (2.9.18)
      aws-sdk-core (= 2.9.18)
    aws-sigv4 (1.0.0)
    buildkit (1.2.0)
      sawyer (~> 0.6)
    cfndsl (0.11.11)
    commander (4.4.3)
      highline (~> 1.7.2)
    deep_merge (1.1.1)
    eb_deployer (0.6.6)
      aws-sdk (~> 2, >= 2.0.0)
    faraday (0.12.1)
      multipart-post (>= 1.2, < 3)
    git (1.3.0)
    hashie (3.5.5)
    highline (1.7.8)
    httparty (0.15.2)
      multi_xml (>= 0.5.2)
    jmespath (1.3.1)
    json (2.1.0)
    json_pure (2.1.0)
    mime-types (3.1)
      mime-types-data (~> 3.2015)
    mime-types-data (3.2016.0521)
    mini_portile2 (2.1.0)
    multi_xml (0.6.0)
    multipart-post (2.0.0)
    nokogiri (1.6.8.1)
      mini_portile2 (~> 2.1.0)
    pg (0.19.0)
    public_suffix (2.0.5)
    rake (12.0.0)
    rubyzip (1.2.1)
    sawyer (0.8.1)
      addressable (>= 2.3.5, < 2.6)
      faraday (~> 0.8, < 1.0)

PLATFORMS
  ruby

DEPENDENCIES
  sceptre!
  sceptre-app!
  sceptre-dotnet!
  sceptre-map!

BUNDLED WITH
   1.13.6
